GEM
  remote: https://rubygems.org/
  specs:
    openai (0.3.0)

PLATFORMS
  ruby

DEPENDENCIES
  openai

BUNDLED WITH
   1.17.2
